GEM
  remote: https://rubygems.org/
  remote: https://gem.fury.io/engineerai/
  specs:
    aasm (5.2.0)
      concurrent-ruby (~> 1.0)
    account_block (0.0.29)
      bcrypt (= 3.1.16)
      builder_base
      builder_json_web_token (= 0.0.6)
      bx_block_sms
      countries (= 3.0.1)
      phonelib (= 0.6.47)
      stripe
      wisper (= 2.0.1)
    ace-rails-ap (4.4)
    actioncable (6.0.3.6)
      actionpack (= 6.0.3.6)
      nio4r (~> 2.0)
      websocket-driver (>= 0.6.1)
    actionmailbox (6.0.3.6)
      actionpack (= 6.0.3.6)
      activejob (= 6.0.3.6)
      activerecord (= 6.0.3.6)
      activestorage (= 6.0.3.6)
      activesupport (= 6.0.3.6)
      mail (>= 2.7.1)
    actionmailer (6.0.3.6)
      actionpack (= 6.0.3.6)
      actionview (= 6.0.3.6)
      activejob (= 6.0.3.6)
      mail (~> 2.5, >= 2.5.4)
      rails-dom-testing (~> 2.0)
    actionpack (6.0.3.6)
      actionview (= 6.0.3.6)
      activesupport (= 6.0.3.6)
      rack (~> 2.0, >= 2.0.8)
      rack-test (>= 0.6.3)
      rails-dom-testing (~> 2.0)
      rails-html-sanitizer (~> 1.0, >= 1.2.0)
    actiontext (6.0.3.6)
      actionpack (= 6.0.3.6)
      activerecord (= 6.0.3.6)
      activestorage (= 6.0.3.6)
      activesupport (= 6.0.3.6)
      nokogiri (>= 1.8.5)
    actionview (6.0.3.6)
      activesupport (= 6.0.3.6)
      builder (~> 3.1)
      erubi (~> 1.4)
      rails-dom-testing (~> 2.0)
      rails-html-sanitizer (~> 1.1, >= 1.2.0)
    active_admin_datetimepicker (0.7.4)
      activeadmin (>= 1.1, < 3.a)
      coffee-rails
      xdan-datetimepicker-rails (~> 2.5.4)
    active_admin_role (0.2.2)
      activeadmin (>= 1.2.0)
      cancancan (>= 1.15.0)
      railties (>= 5.0.0)
    active_attr (0.15.4)
      actionpack (>= 3.0.2, < 7.1)
      activemodel (>= 3.0.2, < 7.1)
      activesupport (>= 3.0.2, < 7.1)
    activeadmin (2.10.0)
      arbre (~> 1.2, >= 1.2.1)
      formtastic (>= 3.1, < 5.0)
      formtastic_i18n (~> 0.4)
      inherited_resources (~> 1.7)
      jquery-rails (~> 4.2)
      kaminari (~> 1.0, >= 1.2.1)
      railties (>= 6.0, < 6.2)
      ransack (~> 2.1, >= 2.1.1)
    activeadmin_json_editor (0.0.10)
      ace-rails-ap
      railties (>= 3.0)
    activejob (6.0.3.6)
      activesupport (= 6.0.3.6)
      globalid (>= 0.3.6)
    activemodel (6.0.3.6)
      activesupport (= 6.0.3.6)
    activerecord (6.0.3.6)
      activemodel (= 6.0.3.6)
      activesupport (= 6.0.3.6)
    activestorage (6.0.3.6)
      actionpack (= 6.0.3.6)
      activejob (= 6.0.3.6)
      activerecord (= 6.0.3.6)
      marcel (~> 1.0.0)
    activesupport (6.0.3.6)
      concurrent-ruby (~> 1.0, >= 1.0.2)
      i18n (>= 0.7, < 2)
      minitest (~> 5.1)
      tzinfo (~> 1.1)
      zeitwerk (~> 2.2, >= 2.2.2)
    acts-as-taggable-on (7.0.0)
      activerecord (>= 5.0, < 6.2)
    addressable (2.8.0)
      public_suffix (>= 2.0.2, < 5.0)
    anyway_config (2.2.3)
      ruby-next-core (>= 0.14.0)
    arbre (1.5.0)
      activesupport (>= 3.0.0, < 7.1)
      ruby2_keywords (>= 0.0.2, < 1.0)
    aws-eventstream (1.2.0)
    aws-partitions (1.554.0)
    aws-sdk-core (3.126.2)
      aws-eventstream (~> 1, >= 1.0.2)
      aws-partitions (~> 1, >= 1.525.0)
      aws-sigv4 (~> 1.1)
      jmespath (~> 1.0)
    aws-sdk-kms (1.54.0)
      aws-sdk-core (~> 3, >= 3.126.0)
      aws-sigv4 (~> 1.1)
    aws-sdk-s3 (1.112.0)
      aws-sdk-core (~> 3, >= 3.126.0)
      aws-sdk-kms (~> 1)
      aws-sigv4 (~> 1.4)
    aws-sigv4 (1.4.0)
      aws-eventstream (~> 1, >= 1.0.2)
    bcrypt (3.1.16)
    builder (3.2.4)
    builder_base (0.0.43)
      fast_jsonapi
      jsonapi.rb
      rails (= 6.0.3.6)
    builder_json_web_token (0.0.6)
      builder_base
      jwt
    bx_block_address-07f1bf4f (0.0.6)
      account_block
      builder_base
      builder_json_web_token
      bx_block_login-3d0582b5
      geocoder
    bx_block_admin (0.0.11)
      builder_base
      devise
    bx_block_appointment_management-eb816fd3 (0.0.7)
      account_block
      builder_base
      builder_json_web_token
      bx_block_login-3d0582b5
      sidekiq (~> 6.1.0)
    bx_block_calendar-4836ef12 (0.0.4)
      account_block
      builder_base
      builder_json_web_token
      bx_block_appointment_management-eb816fd3
      bx_block_login-3d0582b5
      bx_block_roles_permissions-c50949d0
    bx_block_catalogue-0e5da613 (0.0.6)
      account_block
      builder_base
      builder_json_web_token
      bx_block_categories-acd0763f
      bx_block_login-3d0582b5
    bx_block_categories-acd0763f (0.0.8)
      account_block
      builder_base
      builder_json_web_token
      bx_block_login-3d0582b5
      carrierwave
      carrierwave-aws
      kaminari
    bx_block_contact_us-6e0a750f (0.0.3)
      account_block
      builder_base
      builder_json_web_token
      bx_block_login-3d0582b5
    bx_block_content_management (0.0.2)
      account_block
      acts-as-taggable-on (~> 7.0)
      builder_base
      builder_json_web_token
      bx_block_categories-acd0763f
      bx_block_language_options
      carrierwave (~> 2.0)
      carrierwave-aws
      searchkick
      streamio-ffmpeg
    bx_block_cors (0.0.1)
      builder_base
    bx_block_coupon_cg-1da92412 (0.0.3)
      account_block
      builder_base
      builder_json_web_token
      bx_block_login-3d0582b5
    bx_block_coupons-94a34a84 (0.0.5)
      account_block
      builder_base
      builder_json_web_token
      bx_block_appointment_management-eb816fd3
      bx_block_categories-acd0763f
      bx_block_login-3d0582b5
      bx_block_roles_permissions-c50949d0
    bx_block_custom_ads-e8d68990 (0.0.2)
      account_block
      builder_base
      builder_json_web_token
      bx_block_custom_form-63cd533b
      bx_block_login-3d0582b5
    bx_block_custom_form-63cd533b (0.0.7)
      account_block
      builder_base
      builder_json_web_token
      bx_block_login-3d0582b5
      geokit-rails
    bx_block_email_notifications (0.0.3)
      account_block
      builder_base
      builder_json_web_token
      bx_block_login-3d0582b5
      bx_block_notifications-a22eb801
    bx_block_favourites (0.0.4)
      account_block
      builder_base
      builder_json_web_token
      bx_block_login-3d0582b5
    bx_block_fedex_integration-c7604a00 (0.0.4)
      account_block
      builder_base
      builder_json_web_token
      bx_block_catalogue-0e5da613
      bx_block_login-3d0582b5
      oauth2
    bx_block_filter_items-b1be1f37 (0.0.2)
      account_block
      builder_base
      builder_json_web_token
      bx_block_catalogue-0e5da613
      bx_block_login-3d0582b5
    bx_block_followers-ea7cb581 (0.0.2)
      account_block
      builder_base
      builder_json_web_token
      bx_block_login-3d0582b5
      pundit
    bx_block_forgot_password-4de8968b (0.0.6)
      account_block
      builder_base (> 0.0.30)
      builder_json_web_token
    bx_block_language_options (0.0.3)
      account_block
      builder_base
      builder_json_web_token
      byebug
      globalize (~> 5.3.0)
      roo (~> 2.8.0)
      rubyXL
    bx_block_like (0.0.4)
      account_block
      builder_base
      builder_json_web_token
      bx_block_posts-3dc5b993
      bx_block_push_notifications-c0f9e9b7
    bx_block_location-99004202 (0.0.4)
      account_block
      builder_base
      builder_json_web_token
      bx_block_address-07f1bf4f
      bx_block_appointment_management-eb816fd3
      bx_block_login-3d0582b5
      bx_block_roles_permissions-c50949d0
      geocoder
    bx_block_login-3d0582b5 (0.0.10)
      account_block
      builder_base (> 0.0.30)
      builder_json_web_token
    bx_block_notifications-a22eb801 (0.0.3)
      account_block
      builder_base
      builder_json_web_token
      bx_block_login-3d0582b5
    bx_block_order_management-674a3e38 (0.0.7)
      aasm (~> 5.1, >= 5.1.1)
      account_block
      builder_base
      builder_json_web_token
      bx_block_catalogue-0e5da613
      bx_block_coupon_cg-1da92412
      bx_block_fedex_integration-c7604a00
      bx_block_login-3d0582b5
      wisper
    bx_block_payment_admin (0.0.2)
      account_block
      builder_base
    bx_block_payments (0.1.3)
      account_block
      builder_base
      builder_json_web_token
      bx_block_login-3d0582b5
      bx_block_plan
      razorpay
    bx_block_plan (0.0.1)
      builder_base
    bx_block_posts-3dc5b993 (0.0.12)
      builder_base
      builder_json_web_token
      bx_block_categories-acd0763f
    bx_block_profile (0.0.8)
      account_block
      builder_base
      builder_json_web_token
    bx_block_profile-a9d74b49 (0.0.6)
      account_block
      builder_base
      builder_json_web_token
    bx_block_profile_bio (0.1.5)
      account_block
      acts-as-taggable-on
      builder_base
      builder_json_web_token
      bx_block_categories-acd0763f
      bx_block_favourites
      bx_block_like
      bx_block_location-99004202
      bx_block_profile-a9d74b49
      bx_block_push_notifications-c0f9e9b7
      bx_block_request_management
      rails (~> 6.0.3, >= 6.0.3.6)
    bx_block_promo_codes (0.0.3)
      builder_base
      bx_block_admin
      bx_block_login-3d0582b5
    bx_block_push_notifications-c0f9e9b7 (0.0.9)
      account_block
      builder_base
      builder_json_web_token
      bx_block_categories-acd0763f
      bx_block_login-3d0582b5
      byebug
      fcm
    bx_block_request_management (0.0.2)
      account_block
      builder_base
      builder_json_web_token
      bx_block_login-3d0582b5
    bx_block_reviews (0.0.2)
      account_block
      builder_base
      builder_json_web_token
      bx_block_login-3d0582b5
    bx_block_roles_permissions-c50949d0 (0.0.6)
      account_block
      builder_base
    bx_block_settings-5412d427 (0.0.3)
      builder_base
    bx_block_shopping_cart-9ec30a1c (0.0.9)
      builder_base
      bx_block_address-07f1bf4f
      bx_block_calendar-4836ef12
      bx_block_coupons-94a34a84
      bx_block_location-99004202
    bx_block_sms (0.0.5)
      builder_base
      twilio-ruby
    bx_block_sorting-a08a7b91 (0.0.2)
      account_block
      builder_base
      builder_json_web_token
      bx_block_catalogue-0e5da613
      bx_block_login-3d0582b5
    bx_block_upload_media-9de56634 (0.0.2)
      aws-sdk-s3
      builder_base
      bx_block_custom_ads-e8d68990
      bx_block_custom_form-63cd533b
      bx_block_login-3d0582b5
    bx_block_visual_analytics (0.1.1)
      account_block
      builder_base
      builder_json_web_token
      bx_block_followers-ea7cb581
      bx_block_login-3d0582b5
      rails (~> 6.0.3, >= 6.0.3.6)
    byebug (11.1.3)
    cancancan (3.3.0)
    carrierwave (2.2.2)
      activemodel (>= 5.0.0)
      activesupport (>= 5.0.0)
      addressable (~> 2.6)
      image_processing (~> 1.1)
      marcel (~> 1.0.0)
      mini_mime (>= 0.1.3)
      ssrf_filter (~> 1.0)
    carrierwave-aws (1.5.0)
      aws-sdk-s3 (~> 1.0)
      carrierwave (~> 2.0)
    coffee-rails (5.0.0)
      coffee-script (>= 2.2.0)
      railties (>= 5.2.0)
    coffee-script (2.4.1)
      coffee-script-source
      execjs
    coffee-script-source (1.12.2)
    concurrent-ruby (1.1.9)
    connection_pool (2.2.5)
    countries (3.0.1)
      i18n_data (~> 0.10.0)
      sixarm_ruby_unaccent (~> 1.1)
      unicode_utils (~> 1.4)
    crass (1.0.6)
    devise (4.8.1)
      bcrypt (~> 3.0)
      orm_adapter (~> 0.1)
      railties (>= 4.1.0)
      responders
      warden (~> 1.2.3)
    dotenv (2.7.6)
    dotenv-rails (2.7.6)
      dotenv (= 2.7.6)
      railties (>= 3.2)
    dry-initializer (3.0.4)
    elasticsearch (7.13.3)
      elasticsearch-api (= 7.13.3)
      elasticsearch-transport (= 7.13.3)
    elasticsearch-api (7.13.3)
      multi_json
    elasticsearch-transport (7.13.3)
      faraday (~> 1)
      multi_json
    erubi (1.10.0)
    execjs (2.8.1)
    faraday (1.9.3)
      faraday-em_http (~> 1.0)
      faraday-em_synchrony (~> 1.0)
      faraday-excon (~> 1.1)
      faraday-httpclient (~> 1.0)
      faraday-multipart (~> 1.0)
      faraday-net_http (~> 1.0)
      faraday-net_http_persistent (~> 1.0)
      faraday-patron (~> 1.0)
      faraday-rack (~> 1.0)
      faraday-retry (~> 1.0)
      ruby2_keywords (>= 0.0.4)
    faraday-em_http (1.0.0)
    faraday-em_synchrony (1.0.0)
    faraday-excon (1.1.0)
    faraday-httpclient (1.0.1)
    faraday-multipart (1.0.3)
      multipart-post (>= 1.2, < 3)
    faraday-net_http (1.0.1)
    faraday-net_http_persistent (1.2.0)
    faraday-patron (1.0.0)
    faraday-rack (1.0.0)
    faraday-retry (1.0.3)
    fast_jsonapi (1.5)
      activesupport (>= 4.2)
    fcm (1.0.6)
      faraday (~> 1)
      googleauth (~> 1)
    ffi (1.15.5)
    formtastic (4.0.0)
      actionpack (>= 5.2.0)
    formtastic_i18n (0.7.0)
    geocoder (1.7.3)
    geokit (1.13.1)
    geokit-rails (2.3.2)
      geokit (~> 1.5)
      rails (>= 3.0)
    globalid (1.0.0)
      activesupport (>= 5.0)
    globalize (5.3.1)
      activemodel (>= 4.2, < 6.1)
      activerecord (>= 4.2, < 6.1)
      request_store (~> 1.0)
    googleauth (1.1.1)
      faraday (>= 0.17.3, < 2.0)
      jwt (>= 1.4, < 3.0)
      memoist (~> 0.16)
      multi_json (~> 1.11)
      os (>= 0.9, < 2.0)
      signet (>= 0.16, < 2.a)
    has_scope (0.8.0)
      actionpack (>= 5.2)
      activesupport (>= 5.2)
    hashie (5.0.0)
    httparty (0.20.0)
      mime-types (~> 3.0)
      multi_xml (>= 0.5.2)
    i18n (1.10.0)
      concurrent-ruby (~> 1.0)
    i18n_data (0.10.0)
    image_processing (1.12.1)
      mini_magick (>= 4.9.5, < 5)
      ruby-vips (>= 2.0.17, < 3)
    inherited_resources (1.13.1)
      actionpack (>= 5.2, < 7.1)
      has_scope (~> 0.6)
      railties (>= 5.2, < 7.1)
      responders (>= 2, < 4)
    jmespath (1.6.0)
    jquery-rails (4.4.0)
      rails-dom-testing (>= 1, < 3)
      railties (>= 4.2.0)
      thor (>= 0.14, < 2.0)
    json (2.6.1)
    jsonapi-serializer (2.2.0)
      activesupport (>= 4.2)
    jsonapi.rb (1.7.0)
      jsonapi-serializer
      rack
      ransack
    jwt (2.3.0)
    kaminari (1.2.2)
      activesupport (>= 4.1.0)
      kaminari-actionview (= 1.2.2)
      kaminari-activerecord (= 1.2.2)
      kaminari-core (= 1.2.2)
    kaminari-actionview (1.2.2)
      actionview
      kaminari-core (= 1.2.2)
    kaminari-activerecord (1.2.2)
      activerecord
      kaminari-core (= 1.2.2)
    kaminari-core (1.2.2)
    launchy (2.5.0)
      addressable (~> 2.7)
    letter_opener (1.7.0)
      launchy (~> 2.2)
    loofah (2.14.0)
      crass (~> 1.0.2)
      nokogiri (>= 1.5.9)
    mail (2.7.1)
      mini_mime (>= 0.1.1)
    marcel (1.0.2)
    memoist (0.16.2)
    method_source (1.0.0)
    mime-types (3.4.1)
      mime-types-data (~> 3.2015)
    mime-types-data (3.2022.0105)
    mini_magick (4.11.0)
    mini_mime (1.1.2)
    minitest (5.15.0)
    multi_json (1.15.0)
    multi_xml (0.6.0)
    multipart-post (2.1.1)
    nio4r (2.5.8)
    nokogiri (1.13.1-x86_64-darwin)
      racc (~> 1.4)
    nokogiri (1.13.1-x86_64-linux)
      racc (~> 1.4)
    oauth2 (1.4.7)
      faraday (>= 0.8, < 2.0)
      jwt (>= 1.0, < 3.0)
      multi_json (~> 1.3)
      multi_xml (~> 0.5)
      rack (>= 1.2, < 3)
    orm_adapter (0.5.0)
    os (1.1.4)
    pg (1.3.2)
    phonelib (0.6.47)
    prometheus-client (2.1.0)
    public_suffix (4.0.6)
    puma (4.3.11)
      nio4r (~> 2.0)
    pundit (2.2.0)
      activesupport (>= 3.0.0)
    racc (1.6.0)
    rack (2.2.3)
    rack-test (1.1.0)
      rack (>= 1.0, < 3)
    rails (6.0.3.6)
      actioncable (= 6.0.3.6)
      actionmailbox (= 6.0.3.6)
      actionmailer (= 6.0.3.6)
      actionpack (= 6.0.3.6)
      actiontext (= 6.0.3.6)
      actionview (= 6.0.3.6)
      activejob (= 6.0.3.6)
      activemodel (= 6.0.3.6)
      activerecord (= 6.0.3.6)
      activestorage (= 6.0.3.6)
      activesupport (= 6.0.3.6)
      bundler (>= 1.3.0)
      railties (= 6.0.3.6)
      sprockets-rails (>= 2.0.0)
    rails-dom-testing (2.0.3)
      activesupport (>= 4.2.0)
      nokogiri (>= 1.6)
    rails-html-sanitizer (1.4.2)
      loofah (~> 2.3)
    railties (6.0.3.6)
      actionpack (= 6.0.3.6)
      activesupport (= 6.0.3.6)
      method_source
      rake (>= 0.8.7)
      thor (>= 0.20.3, < 2.0)
    rake (13.0.6)
    ransack (2.5.0)
      activerecord (>= 5.2.4)
      activesupport (>= 5.2.4)
      i18n
    razorpay (2.4.1)
      httparty (~> 0.14)
    redis (4.6.0)
    request_store (1.5.1)
      rack (>= 1.4)
    responders (3.0.1)
      actionpack (>= 5.0)
      railties (>= 5.0)
    roo (2.8.3)
      nokogiri (~> 1)
      rubyzip (>= 1.3.0, < 3.0.0)
    ruby-next-core (0.14.1)
    ruby-vips (2.1.4)
      ffi (~> 1.12)
    ruby2_keywords (0.0.5)
    rubyXL (3.4.21)
      nokogiri (>= 1.10.8)
      rubyzip (>= 1.3.0)
    rubyzip (2.3.2)
    sassc (2.4.0)
      ffi (~> 1.9)
    sassc-rails (2.1.2)
      railties (>= 4.0.0)
      sassc (>= 2.0)
      sprockets (> 3.0)
      sprockets-rails
      tilt
    searchkick (4.6.3)
      activemodel (>= 5)
      elasticsearch (>= 6, < 7.14)
      hashie
    sidekiq (6.1.3)
      connection_pool (>= 2.2.2)
      rack (~> 2.0)
      redis (>= 4.2.0)
    sidekiq_alive (2.1.4)
      sidekiq
      webrick
    signet (0.16.0)
      addressable (~> 2.8)
      faraday (>= 0.17.3, < 2.0)
      jwt (>= 1.5, < 3.0)
      multi_json (~> 1.10)
    sixarm_ruby_unaccent (1.2.0)
    sniffer (0.4.0)
      active_attr (>= 0.10.2)
      anyway_config (>= 1.0)
    sprockets (4.0.2)
      concurrent-ruby (~> 1.0)
      rack (> 1, < 3)
    sprockets-rails (3.4.2)
      actionpack (>= 5.2)
      activesupport (>= 5.2)
      sprockets (>= 3.0.0)
    ssrf_filter (1.0.7)
    streamio-ffmpeg (3.0.2)
      multi_json (~> 1.8)
    stripe (5.44.0)
    thor (1.2.1)
    thread_safe (0.3.6)
    tilt (2.0.10)
    twilio-ruby (5.64.0)
      faraday (>= 0.9, < 2.0)
      jwt (>= 1.5, <= 2.5)
      nokogiri (>= 1.6, < 2.0)
    tzinfo (1.2.9)
      thread_safe (~> 0.1)
    unicode_utils (1.4.0)
    warden (1.2.9)
      rack (>= 2.0.9)
    webrick (1.7.0)
    websocket-driver (0.7.5)
      websocket-extensions (>= 0.1.0)
    websocket-extensions (0.1.5)
    wisper (2.0.1)
    xdan-datetimepicker-rails (2.5.4)
      jquery-rails
      rails (>= 3.2.16)
    yabeda (0.11.0)
      anyway_config (>= 1.0, < 3)
      concurrent-ruby
      dry-initializer
    yabeda-http_requests (0.2.0)
      sniffer
      yabeda
    yabeda-prometheus (0.8.0)
      prometheus-client (>= 0.10, < 3.0)
      rack
      yabeda (~> 0.10)
    yabeda-puma-plugin (0.6.0)
      json
      puma
      yabeda (~> 0.5)
    yabeda-rails (0.7.2)
      rails
      yabeda (~> 0.8)
    yabeda-sidekiq (0.8.1)
      anyway_config (>= 1.3, < 3)
      sidekiq
      yabeda (~> 0.6)
    zeitwerk (2.5.4)

PLATFORMS
  x86_64-darwin-21
  x86_64-linux

DEPENDENCIES
  account_block (= 0.0.29)
  active_admin_datetimepicker
  active_admin_role
  activeadmin
  activeadmin_json_editor
  builder_base (= 0.0.43)
  bx_block_admin (= 0.0.11)
  bx_block_catalogue-0e5da613 (= 0.0.6)
  bx_block_categories-acd0763f (= 0.0.8)
  bx_block_contact_us-6e0a750f (= 0.0.3)
  bx_block_content_management (= 0.0.2)
  bx_block_cors
  bx_block_custom_form-63cd533b (= 0.0.7)
  bx_block_email_notifications (= 0.0.3)
  bx_block_filter_items-b1be1f37 (= 0.0.2)
  bx_block_forgot_password-4de8968b (= 0.0.6)
  bx_block_login-3d0582b5 (= 0.0.10)
  bx_block_notifications-a22eb801 (= 0.0.3)
  bx_block_order_management-674a3e38 (= 0.0.7)
  bx_block_payment_admin (= 0.0.2)
  bx_block_payments (= 0.1.3)
  bx_block_profile (= 0.0.8)
  bx_block_profile_bio (= 0.1.5)
  bx_block_promo_codes (= 0.0.3)
  bx_block_push_notifications-c0f9e9b7 (= 0.0.9)
  bx_block_reviews (= 0.0.2)
  bx_block_roles_permissions-c50949d0 (= 0.0.6)
  bx_block_settings-5412d427 (= 0.0.3)
  bx_block_shopping_cart-9ec30a1c (= 0.0.9)
  bx_block_sorting-a08a7b91 (= 0.0.2)
  bx_block_upload_media-9de56634 (= 0.0.2)
  bx_block_visual_analytics (= 0.1.1)
  byebug
  dotenv-rails
  letter_opener (~> 1.7)
  pg (>= 0.18, < 2.0)
  puma (~> 4.1)
  rails (~> 6.0.3, >= 6.0.3.6)
  sassc-rails
  sidekiq (~> 6.1.0)
  sidekiq_alive
  tzinfo-data
  yabeda-http_requests
  yabeda-prometheus
  yabeda-puma-plugin
  yabeda-rails
  yabeda-sidekiq

RUBY VERSION
   ruby 2.6.5p114

BUNDLED WITH
   2.3.7
